GEM
  remote: https://rubygems.org/
  specs:
    aoc_rb (0.2.3)
      dotenv (~> 2.7.6)
      httparty (~> 0.20.0)
      nokogiri (~> 1.13.6)
      rspec (~> 3.0)
      thor (~> 1.2.1)
    byebug (11.1.3)
    coderay (1.1.3)
    diff-lcs (1.5.0)
    dotenv (2.7.6)
    httparty (0.20.0)
      mime-types (~> 3.0)
      multi_xml (>= 0.5.2)
    method_source (1.0.0)
    mime-types (3.4.1)
      mime-types-data (~> 3.2015)
    mime-types-data (3.2022.0105)
    multi_xml (0.6.0)
    nokogiri (1.13.9-arm64-darwin)
      racc (~> 1.4)
    pry (0.14.1)
      coderay (~> 1.1)
      method_source (~> 1.0)
    pry-byebug (3.10.1)
      byebug (~> 11.0)
      pry (>= 0.13, < 0.15)
    racc (1.6.0)
    rspec (3.11.0)
      rspec-core (~> 3.11.0)
      rspec-expectations (~> 3.11.0)
      rspec-mocks (~> 3.11.0)
    rspec-core (3.11.0)
      rspec-support (~> 3.11.0)
    rspec-expectations (3.11.1)
      diff-lcs (>= 1.2.0, < 2.0)
      rspec-support (~> 3.11.0)
    rspec-mocks (3.11.1)
      diff-lcs (>= 1.2.0, < 2.0)
      rspec-support (~> 3.11.0)
    rspec-support (3.11.1)
    thor (1.2.1)

PLATFORMS
  arm64-darwin-21

DEPENDENCIES
  aoc_rb
  pry
  pry-byebug

BUNDLED WITH
   2.3.13
